PATH
  remote: .
  specs:
    paggi (0.1.0)
      httparty (>= 0.13.7)

GEM
  remote: https://rubygems.org/
  specs:
    activesupport (5.0.2)
      concurrent-ruby (~> 1.0, >= 1.0.2)
      i18n (~> 0.7)
      minitest (~> 5.1)
      tzinfo (~> 1.1)
    addressable (2.5.0)
      public_suffix (~> 2.0, >= 2.0.2)
    concurrent-ruby (1.0.5)
    crack (0.4.3)
      safe_yaml (~> 1.0.0)
    hashdiff (0.3.2)
    httparty (0.14.0)
      multi_xml (>= 0.5.2)
    i18n (0.8.1)
    metaclass (0.0.4)
    minitest (5.10.1)
    mocha (0.14.0)
      metaclass (~> 0.0.1)
    multi_xml (0.6.0)
    power_assert (1.0.1)
    public_suffix (2.0.5)
    rake (10.5.0)
    safe_yaml (1.0.4)
    shoulda (3.5.0)
      shoulda-context (~> 1.0, >= 1.0.1)
      shoulda-matchers (>= 1.4.1, < 3.0)
    shoulda-context (1.2.2)
    shoulda-matchers (2.8.0)
      activesupport (>= 3.0.0)
    test-unit (3.2.3)
      power_assert
    thread_safe (0.3.6)
    tzinfo (1.2.2)
      thread_safe (~> 0.1)
    webmock (1.24.6)
      addressable (>= 2.3.6)
      crack (>= 0.3.2)
      hashdiff

PLATFORMS
  ruby

DEPENDENCIES
  mocha (~> 0.13)
  paggi!
  rake (~> 10.4)
  shoulda (~> 3.5)
  test-unit (~> 3.1)
  webmock (~> 1.21)

BUNDLED WITH
   1.14.6
